GEM
  remote: https://rubygems.org/
  specs:
    minitest (5.25.4)
    rake (13.3.0)

PLATFORMS
  ruby

DEPENDENCIES
  minitest (~> 5.25)
  rake (~> 13.3)

BUNDLED WITH
   2.6.7
